PATH
  remote: .
  specs:
    trump_filter (0.1.0)
      nokogiri

GEM
  remote: https://rubygems.org/
  specs:
    mini_portile2 (2.2.0)
    mustermann (1.0.0)
    nokogiri (1.8.0)
      mini_portile2 (~> 2.2.0)
    puma (3.9.1)
    rack (2.0.3)
    rack-protection (2.0.0)
      rack
    rake (12.0.0)
    shotgun (0.9.2)
      rack (>= 1.0)
    sinatra (2.0.0)
      mustermann (~> 1.0)
      rack (~> 2.0)
      rack-protection (= 2.0.0)
      tilt (~> 2.0)
    tilt (2.0.7)

PLATFORMS
  ruby

DEPENDENCIES
  bundler (~> 1.14)
  puma
  rake
  shotgun
  sinatra
  trump_filter!

BUNDLED WITH
   1.14.6
